GEM
  remote: https://rubygems.org/
  specs:
    feed-normalizer (1.5.2)
      hpricot (>= 0.6)
      simple-rss (>= 1.1)
    hpricot (0.8.6)
    simple-rss (1.2.3)

PLATFORMS
  ruby

DEPENDENCIES
  feed-normalizer
